GIT
  remote: https://github.com/hanazuki/nl
  revision: 698cfa18f292912e5f777c96496906a37e3c9730
  specs:
    nl (0.1.0)
    ynl (0.1.0)
      nl (= 0.1.0)
      yaml

PATH
  remote: .
  specs:
    conntrack_exporter (0.1.0)
      prometheus-client
      puma
      sinatra
      ynl

GEM
  remote: https://rubygems.org/
  specs:
    base64 (0.2.0)
    csv (3.3.4)
    date (3.4.1)
    diff-lcs (1.6.1)
    json (2.10.2)
    logger (1.7.0)
    mustermann (3.0.3)
      ruby2_keywords (~> 0.0.1)
    nio4r (2.7.4)
    open-uri (0.5.0)
      stringio
      time
      uri
    prometheus-client (4.2.4)
      base64
    puma (6.6.0)
      nio4r (~> 2.0)
    rack (3.1.14)
    rack-protection (4.1.1)
      base64 (>= 0.1.0)
      logger (>= 1.6.0)
      rack (>= 3.0.0, < 4)
    rack-session (2.1.1)
      base64 (>= 0.1.0)
      rack (>= 3.0.0)
    rake (13.2.1)
    rspec (3.13.0)
      rspec-core (~> 3.13.0)
      rspec-expectations (~> 3.13.0)
      rspec-mocks (~> 3.13.0)
    rspec-core (3.13.3)
      rspec-support (~> 3.13.0)
    rspec-expectations (3.13.3)
      diff-lcs (>= 1.2.0, < 2.0)
      rspec-support (~> 3.13.0)
    rspec-mocks (3.13.2)
      diff-lcs (>= 1.2.0, < 2.0)
      rspec-support (~> 3.13.0)
    rspec-support (3.13.2)
    ruby2_keywords (0.0.5)
    sinatra (4.1.1)
      logger (>= 1.6.0)
      mustermann (~> 3.0)
      rack (>= 3.0.0, < 4)
      rack-protection (= 4.1.1)
      rack-session (>= 2.0.0, < 3)
      tilt (~> 2.0)
    stringio (3.1.6)
    tilt (2.6.0)
    time (0.4.1)
      date
    uri (1.0.3)
    yaml (0.4.0)

PLATFORMS
  ruby
  x86_64-linux

DEPENDENCIES
  conntrack_exporter!
  csv
  json
  open-uri
  rake (~> 13.0)
  rspec (~> 3.0)
  ynl!

BUNDLED WITH
   2.6.2
